PATH
  remote: .
  specs:
    makeup (0.2.0)
      github-markup (~> 0.7)
      htmlentities (~> 4.3)
      pygments.rb (~> 0.2)

GEM
  remote: http://rubygems.org/
  specs:
    github-markup (0.7.4)
    htmlentities (4.3.1)
    minitest (2.12.1)
    posix-spawn (0.3.6)
    pygments.rb (0.3.2)
      posix-spawn (~> 0.3.6)
      yajl-ruby (~> 1.1.0)
    rake (0.9.2.2)
    redcarpet (2.2.0)
    yajl-ruby (1.1.0)

PLATFORMS
  ruby

DEPENDENCIES
  makeup!
  minitest (~> 2.0)
  rake (~> 0.9)
  redcarpet (= 2.2.0)
